GEM
  remote: https://rubygems.org/
  specs:
    builder (3.2.3)
    busser (0.7.1)
      thor (<= 0.19.0)
    busser-bats (0.3.0)
      busser
    erubis (2.7.0)
    ffi (1.9.25)
    gssapi (1.2.0)
      ffi (>= 1.0.1)
    gyoku (1.3.1)
      builder (>= 2.1.2)
    httpclient (2.8.3)
    kitchen (0.0.3)
    kitchen-ansible (0.49.0)
      net-ssh (>= 3)
      test-kitchen (~> 1.4)
    kitchen-sync (2.2.1)
      net-sftp
      test-kitchen (>= 1.0.0)
    kitchen-vagrant (1.3.6)
      test-kitchen (~> 1.4)
    little-plugger (1.1.4)
    logging (2.2.2)
      little-plugger (~> 1.1)
      multi_json (~> 1.10)
    mixlib-install (3.11.5)
      mixlib-shellout
      mixlib-versioning
      thor
    mixlib-shellout (2.4.0)
    mixlib-versioning (1.2.2)
    multi_json (1.13.1)
    net-scp (1.2.1)
      net-ssh (>= 2.6.5)
    net-sftp (2.1.2)
      net-ssh (>= 2.6.5)
    net-ssh (4.2.0)
    net-ssh-gateway (1.3.0)
      net-ssh (>= 2.6.5)
    nori (2.6.0)
    rubyntlm (0.6.2)
    rubyzip (1.2.2)
    test-kitchen (1.23.2)
      mixlib-install (~> 3.6)
      mixlib-shellout (>= 1.2, < 3.0)
      net-scp (~> 1.1)
      net-ssh (>= 2.9, < 5.0)
      net-ssh-gateway (~> 1.2)
      thor (~> 0.19)
      winrm (~> 2.0)
      winrm-elevated (~> 1.0)
      winrm-fs (~> 1.1)
    thor (0.19.0)
    vagrant-wrapper (2.0.3)
    winrm (2.3.0)
      builder (>= 2.1.2)
      erubis (~> 2.7)
      gssapi (~> 1.2)
      gyoku (~> 1.0)
      httpclient (~> 2.2, >= 2.2.0.2)
      logging (>= 1.6.1, < 3.0)
      nori (~> 2.0)
      rubyntlm (~> 0.6.0, >= 0.6.1)
    winrm-elevated (1.1.0)
      winrm (~> 2.0)
      winrm-fs (~> 1.0)
    winrm-fs (1.3.1)
      erubis (~> 2.7)
      logging (>= 1.6.1, < 3.0)
      rubyzip (~> 1.1)
      winrm (~> 2.0)

PLATFORMS
  ruby

DEPENDENCIES
  busser-bats
  kitchen
  kitchen-ansible
  kitchen-sync
  kitchen-vagrant
  test-kitchen
  vagrant-wrapper

BUNDLED WITH
   1.14.6
